GIT
  remote: https://github.com/tulsaschoolsdata/ps_utilities.git
  revision: 07a029ee4ebabf0844aba235e5f6ebfb1b7f2b73
  branch: nlc/failed-connection-nameerror
  specs:
    ps_utilities (1.0.3)
      httparty (~> 0.18)

GEM
  remote: https://rubygems.org/
  specs:
    activesupport (7.0.4)
      concurrent-ruby (~> 1.0, >= 1.0.2)
      i18n (>= 1.6, < 2)
      minitest (>= 5.1)
      tzinfo (~> 2.0)
    concurrent-ruby (1.1.10)
    dotenv (2.8.1)
    httparty (0.20.0)
      mime-types (~> 3.0)
      multi_xml (>= 0.5.2)
    i18n (1.12.0)
      concurrent-ruby (~> 1.0)
    mime-types (3.4.1)
      mime-types-data (~> 3.2015)
    mime-types-data (3.2022.0105)
    minitest (5.16.3)
    multi_xml (0.6.0)
    tzinfo (2.0.5)
      concurrent-ruby (~> 1.0)

PLATFORMS
  arm64-darwin-21

DEPENDENCIES
  activesupport
  dotenv
  ps_utilities!

BUNDLED WITH
   2.3.26
